GEM
  remote: https://rubygems.org/
  specs:
    term-ansicolor (1.3.0)
      tins (~> 1.0)
    tins (1.3.3)

PLATFORMS
  ruby

DEPENDENCIES
  term-ansicolor
